PATH
  remote: /Users/sekiguchi.ryoichi/dev/src/github.com/ryopeko/shinq
  specs:
    shinq (0.4.0)
      activesupport (= 4.2.0.rc3)
      mysql2 (~> 0.3.16)
      serverengine (~> 1.5.9)
      sql-maker (~> 0.0.4)

GEM
  remote: https://rubygems.org/
  specs:
    actionmailer (4.2.0.rc3)
      actionpack (= 4.2.0.rc3)
      actionview (= 4.2.0.rc3)
      activejob (= 4.2.0.rc3)
      mail (~> 2.5, >= 2.5.4)
      rails-dom-testing (~> 1.0, >= 1.0.5)
    actionpack (4.2.0.rc3)
      actionview (= 4.2.0.rc3)
      activesupport (= 4.2.0.rc3)
      rack (~> 1.6.0.beta2)
      rack-test (~> 0.6.2)
      rails-dom-testing (~> 1.0, >= 1.0.5)
      rails-html-sanitizer (~> 1.0, >= 1.0.1)
    actionview (4.2.0.rc3)
      activesupport (= 4.2.0.rc3)
      builder (~> 3.1)
      erubis (~> 2.7.0)
      rails-dom-testing (~> 1.0, >= 1.0.5)
      rails-html-sanitizer (~> 1.0, >= 1.0.1)
    activejob (4.2.0.rc3)
      activesupport (= 4.2.0.rc3)
      globalid (>= 0.3.0)
    activemodel (4.2.0.rc3)
      activesupport (= 4.2.0.rc3)
      builder (~> 3.1)
    activerecord (4.2.0.rc3)
      activemodel (= 4.2.0.rc3)
      activesupport (= 4.2.0.rc3)
      arel (~> 6.0)
    activesupport (4.2.0.rc3)
      i18n (>= 0.7.0.beta1, < 0.8)
      json (~> 1.7, >= 1.7.7)
      minitest (~> 5.1)
      thread_safe (~> 0.1)
      tzinfo (~> 1.1)
    arel (6.0.0)
    awesome_print (1.2.0)
    bcrypt (3.1.9)
    better_errors (2.0.0)
      coderay (>= 1.0.0)
      erubis (>= 2.6.6)
      rack (>= 0.9.0)
    binding_of_caller (0.7.2)
      debug_inspector (>= 0.0.1)
    builder (3.2.2)
    coderay (1.1.0)
    coffee-rails (4.1.0)
      coffee-script (>= 2.2.0)
      railties (>= 4.0.0, < 5.0)
    coffee-script (2.3.0)
      coffee-script-source
      execjs
    coffee-script-source (1.8.0)
    database_rewinder (0.4.1)
    debug_inspector (0.0.2)
    diff-lcs (1.2.5)
    erubis (2.7.0)
    execjs (2.2.2)
    factory_girl (4.5.0)
      activesupport (>= 3.0.0)
    factory_girl_rails (4.5.0)
      factory_girl (~> 4.5.0)
      railties (>= 3.0.0)
    globalid (0.3.0)
      activesupport (>= 4.1.0)
    hike (1.2.3)
    hirb (0.7.2)
    hirb-unicode (0.0.5)
      hirb (~> 0.5)
      unicode-display_width (~> 0.1.1)
    i18n (0.7.0.beta1)
    jbuilder (2.2.5)
      activesupport (>= 3.0.0, < 5)
      multi_json (~> 1.2)
    jquery-rails (4.0.0)
      rails-dom-testing (~> 1.0)
      railties (>= 4.2.0.beta, < 5.0)
      thor (>= 0.14, < 2.0)
    json (1.8.1)
    kaminari (0.16.1)
      actionpack (>= 3.0.0)
      activesupport (>= 3.0.0)
    loofah (2.0.1)
      nokogiri (>= 1.5.9)
    mail (2.6.3)
      mime-types (>= 1.16, < 3)
    method_source (0.8.2)
    mime-types (2.4.3)
    mini_portile (0.6.1)
    minitest (5.5.0)
    multi_json (1.10.1)
    mysql2 (0.3.17)
    nokogiri (1.6.5)
      mini_portile (~> 0.6.0)
    pry (0.10.1)
      coderay (~> 1.1.0)
      method_source (~> 0.8.1)
      slop (~> 3.4)
    pry-rails (0.3.2)
      pry (>= 0.9.10)
    quiet_assets (1.0.3)
      railties (>= 3.1, < 5.0)
    rack (1.6.0.beta2)
    rack-test (0.6.2)
      rack (>= 1.0)
    rails (4.2.0.rc3)
      actionmailer (= 4.2.0.rc3)
      actionpack (= 4.2.0.rc3)
      actionview (= 4.2.0.rc3)
      activejob (= 4.2.0.rc3)
      activemodel (= 4.2.0.rc3)
      activerecord (= 4.2.0.rc3)
      activesupport (= 4.2.0.rc3)
      bundler (>= 1.3.0, < 2.0)
      railties (= 4.2.0.rc3)
      sprockets-rails
    rails-deprecated_sanitizer (1.0.3)
      activesupport (>= 4.2.0.alpha)
    rails-dom-testing (1.0.5)
      activesupport (>= 4.2.0.beta, < 5.0)
      nokogiri (~> 1.6.0)
      rails-deprecated_sanitizer (>= 1.0.1)
    rails-html-sanitizer (1.0.1)
      loofah (~> 2.0)
    railties (4.2.0.rc3)
      actionpack (= 4.2.0.rc3)
      activesupport (= 4.2.0.rc3)
      rake (>= 0.8.7)
      thor (>= 0.18.1, < 2.0)
    rake (10.4.2)
    rdoc (4.2.0)
      json (~> 1.4)
    rspec-core (3.0.4)
      rspec-support (~> 3.0.0)
    rspec-expectations (3.0.4)
      diff-lcs (>= 1.2.0, < 2.0)
      rspec-support (~> 3.0.0)
    rspec-mocks (3.0.4)
      rspec-support (~> 3.0.0)
    rspec-rails (3.0.2)
      actionpack (>= 3.0)
      activesupport (>= 3.0)
      railties (>= 3.0)
      rspec-core (~> 3.0.0)
      rspec-expectations (~> 3.0.0)
      rspec-mocks (~> 3.0.0)
      rspec-support (~> 3.0.0)
    rspec-support (3.0.4)
    sass (3.4.9)
    sass-rails (5.0.0.beta1)
      railties (>= 4.0.0, < 5.0)
      sass (~> 3.2)
      sprockets (~> 2.12)
      sprockets-rails (>= 2.0, < 4.0)
    sdoc (0.4.1)
      json (~> 1.7, >= 1.7.7)
      rdoc (~> 4.0)
    serverengine (1.5.10)
      sigdump (~> 0.2.2)
    settingslogic (2.0.9)
    sigdump (0.2.2)
    slop (3.6.0)
    spring (1.2.0)
    sprockets (2.12.3)
      hike (~> 1.2)
      multi_json (~> 1.0)
      rack (~> 1.0)
      tilt (~> 1.1, != 1.3.0)
    sprockets-rails (2.2.2)
      actionpack (>= 3.0)
      activesupport (>= 3.0)
      sprockets (>= 2.8, < 4.0)
    sql-maker (0.0.4)
    tapp (1.5.0.rc)
      thor
    tapp-awesome_print (1.0.0)
      awesome_print
      tapp (>= 1.5.0.rc)
    thor (0.19.1)
    thread_safe (0.3.4)
    tilt (1.4.1)
    tzinfo (1.2.2)
      thread_safe (~> 0.1)
    uglifier (2.6.0)
      execjs (>= 0.3.0)
      json (>= 1.8.0)
    unicode-display_width (0.1.1)

PLATFORMS
  ruby

DEPENDENCIES
  bcrypt
  better_errors
  binding_of_caller
  coffee-rails (~> 4.1.0)
  database_rewinder
  factory_girl_rails
  hirb-unicode
  jbuilder (~> 2.0)
  jquery-rails
  kaminari
  mysql2
  pry-rails
  quiet_assets
  rails (= 4.2.0.rc3)
  rspec-core (~> 3.0.2)
  rspec-expectations (~> 3.0.2)
  rspec-mocks (~> 3.0.2)
  rspec-rails (~> 3.0.1)
  rspec-support (~> 3.0.2)
  sass-rails (= 5.0.0.beta1)
  sdoc (~> 0.4.0)
  settingslogic
  shinq!
  spring
  tapp-awesome_print
  uglifier (>= 1.5.0)
